GEM
  remote: https://rubygems.org/
  specs:
    actioncable (8.0.1)
      actionpack (= 8.0.1)
      activesupport (= 8.0.1)
      nio4r (~> 2.0)
      websocket-driver (>= 0.6.1)
      zeitwerk (~> 2.6)
    actionmailbox (8.0.1)
      actionpack (= 8.0.1)
      activejob (= 8.0.1)
      activerecord (= 8.0.1)
      activestorage (= 8.0.1)
      activesupport (= 8.0.1)
      mail (>= 2.8.0)
    actionmailer (8.0.1)
      actionpack (= 8.0.1)
      actionview (= 8.0.1)
      activejob (= 8.0.1)
      activesupport (= 8.0.1)
      mail (>= 2.8.0)
      rails-dom-testing (~> 2.2)
    actionpack (8.0.1)
      actionview (= 8.0.1)
      activesupport (= 8.0.1)
      nokogiri (>= 1.8.5)
      rack (>= 2.2.4)
      rack-session (>= 1.0.1)
      rack-test (>= 0.6.3)
      rails-dom-testing (~> 2.2)
      rails-html-sanitizer (~> 1.6)
      useragent (~> 0.16)
    actiontext (8.0.1)
      actionpack (= 8.0.1)
      activerecord (= 8.0.1)
      activestorage (= 8.0.1)
      activesupport (= 8.0.1)
      globalid (>= 0.6.0)
      nokogiri (>= 1.8.5)
    actionview (8.0.1)
      activesupport (= 8.0.1)
      builder (~> 3.1)
      erubi (~> 1.11)
      rails-dom-testing (~> 2.2)
      rails-html-sanitizer (~> 1.6)
    activejob (8.0.1)
      activesupport (= 8.0.1)
      globalid (>= 0.3.6)
    activemodel (8.0.1)
      activesupport (= 8.0.1)
    activerecord (8.0.1)
      activemodel (= 8.0.1)
      activesupport (= 8.0.1)
      timeout (>= 0.4.0)
    activestorage (8.0.1)
      actionpack (= 8.0.1)
      activejob (= 8.0.1)
      activerecord (= 8.0.1)
      activesupport (= 8.0.1)
      marcel (~> 1.0)
    activesupport (8.0.1)
      base64
      benchmark (>= 0.3)
      bigdecimal
      concurrent-ruby (~> 1.0, >= 1.3.1)
      connection_pool (>= 2.2.5)
      drb
      i18n (>= 1.6, < 2)
      logger (>= 1.4.2)
      minitest (>= 5.1)
      securerandom (>= 0.3)
      tzinfo (~> 2.0, >= 2.0.5)
      uri (>= 0.13.1)
    addressable (2.8.6)
      public_suffix (>= 2.0.2, < 6.0)
    ast (2.4.2)
    base64 (0.2.0)
    bcrypt (3.1.20)
    benchmark (0.4.0)
    bigdecimal (3.1.9)
    bindex (0.8.1)
    bootsnap (1.18.4)
      msgpack (~> 1.2)
    brakeman (7.0.0)
      racc
    builder (3.3.0)
    capybara (3.40.0)
      addressable
      matrix
      mini_mime (>= 0.1.3)
      nokogiri (~> 1.11)
      rack (>= 1.6.0)
      rack-test (>= 0.6.3)
      regexp_parser (>= 1.5, < 3.0)
      xpath (~> 3.2)
    concurrent-ruby (1.3.5)
    connection_pool (2.5.0)
    crass (1.0.6)
    date (3.4.1)
    debug (1.10.0)
      irb (~> 1.10)
      reline (>= 0.3.8)
    drb (2.2.1)
    erubi (1.13.1)
    globalid (1.2.1)
      activesupport (>= 6.1)
    i18n (1.14.7)
      concurrent-ruby (~> 1.0)
    io-console (0.8.0)
    irb (1.14.3)
      rdoc (>= 4.0.0)
      reline (>= 0.4.2)
    json (2.9.1)
    language_server-protocol (3.17.0.4)
    logger (1.6.5)
    loofah (2.23.1)
      crass (~> 1.0.2)
      nokogiri (>= 1.12.0)
    mail (2.8.1)
      mini_mime (>= 0.1.1)
      net-imap
      net-pop
      net-smtp
    marcel (1.0.4)
    matrix (0.4.2)
    mini_mime (1.1.5)
    mini_portile2 (2.8.8)
    minitest (5.25.4)
    msgpack (1.7.2)
    net-imap (0.5.6)
      date
      net-protocol
    net-pop (0.1.2)
      net-protocol
    net-protocol (0.2.2)
      timeout
    net-smtp (0.5.0)
      net-protocol
    nio4r (2.7.4)
    nokogiri (1.17.2)
      mini_portile2 (~> 2.8.2)
      racc (~> 1.4)
    parallel (1.26.3)
    parser (3.3.7.0)
      ast (~> 2.4.1)
      racc
    pdf-core (0.10.0)
    prawn (2.5.0)
      matrix (~> 0.4)
      pdf-core (~> 0.10.0)
      ttfunk (~> 1.8)
    prawn-rails (1.6.0)
      actionview (>= 3.1.0)
      activesupport (>= 3.1.0)
      prawn
      prawn-table
    prawn-table (0.2.2)
      prawn (>= 1.3.0, < 3.0.0)
    psych (5.2.2)
      date
      stringio
    public_suffix (5.0.5)
    puma (6.6.0)
      nio4r (~> 2.0)
    racc (1.8.1)
    rack (3.1.10)
    rack-session (2.0.0)
      rack (>= 3.0.0)
    rack-test (2.1.0)
      rack (>= 1.3)
    rackup (2.2.1)
      rack (>= 3)
    rails (8.0.1)
      actioncable (= 8.0.1)
      actionmailbox (= 8.0.1)
      actionmailer (= 8.0.1)
      actionpack (= 8.0.1)
      actiontext (= 8.0.1)
      actionview (= 8.0.1)
      activejob (= 8.0.1)
      activemodel (= 8.0.1)
      activerecord (= 8.0.1)
      activestorage (= 8.0.1)
      activesupport (= 8.0.1)
      bundler (>= 1.15.0)
      railties (= 8.0.1)
    rails-dom-testing (2.2.0)
      activesupport (>= 5.0.0)
      minitest
      nokogiri (>= 1.6)
    rails-html-sanitizer (1.6.2)
      loofah (~> 2.21)
      nokogiri (>= 1.15.7, != 1.16.7, != 1.16.6, != 1.16.5, != 1.16.4, != 1.16.3, != 1.16.2, != 1.16.1, != 1.16.0.rc1, != 1.16.0)
    railties (8.0.1)
      actionpack (= 8.0.1)
      activesupport (= 8.0.1)
      irb (~> 1.13)
      rackup (>= 1.0.0)
      rake (>= 12.2)
      thor (~> 1.0, >= 1.2.2)
      zeitwerk (~> 2.6)
    rainbow (3.1.1)
    rake (13.2.1)
    rdoc (6.10.0)
      psych (>= 4.0.0)
    regexp_parser (2.10.0)
    reline (0.6.0)
      io-console (~> 0.5)
    rexml (3.4.0)
    rubocop (1.71.0)
      json (~> 2.3)
      language_server-protocol (>= 3.17.0)
      parallel (~> 1.10)
      parser (>= 3.3.0.2)
      rainbow (>= 2.2.2, < 4.0)
      regexp_parser (>= 2.9.3, < 3.0)
      rubocop-ast (>= 1.36.2, < 2.0)
      ruby-progressbar (~> 1.7)
      unicode-display_width (>= 2.4.0, < 4.0)
    rubocop-ast (1.38.0)
      parser (>= 3.3.1.0)
    rubocop-capybara (2.21.0)
      rubocop (~> 1.41)
    rubocop-minitest (0.36.0)
      rubocop (>= 1.61, < 2.0)
      rubocop-ast (>= 1.31.1, < 2.0)
    rubocop-performance (1.23.1)
      rubocop (>= 1.48.1, < 2.0)
      rubocop-ast (>= 1.31.1, < 2.0)
    rubocop-rails (2.29.1)
      activesupport (>= 4.2.0)
      rack (>= 1.1)
      rubocop (>= 1.52.0, < 2.0)
      rubocop-ast (>= 1.31.1, < 2.0)
    ruby-progressbar (1.13.0)
    rubyzip (2.4.1)
    securerandom (0.4.1)
    selenium-webdriver (4.28.0)
      base64 (~> 0.2)
      logger (~> 1.4)
      rexml (~> 3.2, >= 3.2.5)
      rubyzip (>= 1.2.2, < 3.0)
      websocket (~> 1.0)
    sqlite3 (2.5.0)
      mini_portile2 (~> 2.8.0)
    sqlite3 (2.5.0-x86_64-linux-gnu)
    stringio (3.1.2)
    thor (1.3.2)
    timeout (0.4.3)
    ttfunk (1.8.0)
      bigdecimal (~> 3.1)
    tzinfo (2.0.6)
      concurrent-ruby (~> 1.0)
    unicode-display_width (3.1.4)
      unicode-emoji (~> 4.0, >= 4.0.4)
    unicode-emoji (4.0.4)
    uri (1.0.2)
    useragent (0.16.11)
    web-console (4.2.1)
      actionview (>= 6.0.0)
      activemodel (>= 6.0.0)
      bindex (>= 0.4.0)
      railties (>= 6.0.0)
    websocket (1.2.11)
    websocket-driver (0.7.6)
      websocket-extensions (>= 0.1.0)
    websocket-extensions (0.1.5)
    xpath (3.2.0)
      nokogiri (~> 1.8)
    zeitwerk (2.7.1)

PLATFORMS
  ruby
  x86_64-linux

DEPENDENCIES
  bcrypt (~> 3.1.20)
  bootsnap
  brakeman
  capybara
  debug
  matrix
  prawn-rails
  puma (~> 6.6)
  rails (~> 8.0.1)
  rubocop-capybara
  rubocop-minitest
  rubocop-performance
  rubocop-rails
  selenium-webdriver
  sqlite3 (~> 2.5)
  tzinfo-data
  web-console

BUNDLED WITH
   2.6.2
